GEM
  remote: https://rubygems.org/
  specs:
    chunky_png (1.2.8)
    trollop (2.0)

PLATFORMS
  ruby

DEPENDENCIES
  chunky_png
  trollop
